{
    "Modality": "MR",
    "MagneticFieldStrength": 3,
    "ImagingFrequency": 123.247,
    "Manufacturer": "Siemens",
    "ManufacturersModelName": "TrioTim",
    "InstitutionName": "Hospital_Douglas",
    "InstitutionalDepartmentName": "Department",
    "InstitutionAddress": "Boul._LaSalle_6875_Verdun_Montreal_CA_H4H_1R3",
    "DeviceSerialNumber": "35442",
    "StationName": "MRC35442",
    "PatientPosition": "HFS",
    "ProcedureStepDescription": "FUNCTIONAL_Dr.Breitner",
    "SoftwareVersions": "syngo_MR_B17",
    "MRAcquisitionType": "2D",
    "SeriesDescription": "DTI_64(ep2d_diff_mddw_64)",
    "ProtocolName": "DTI_64(ep2d_diff_mddw_64)",
    "ScanningSequence": "EP",
    "SequenceVariant": "SK_SP",
    "ScanOptions": "PFP_FS",
    "SequenceName": "_ep_b0",
    "ImageType": [
        "ORIGINAL",
        "PRIMARY",
        "DIFFUSION",
        "NONE",
        "ND",
        "NORM",
        "MOSAIC"
    ],
    "SeriesNumber": 11,
    "AcquisitionTime": "09:56:37.852500",
    "AcquisitionNumber": 1,
    "SliceThickness": 2,
    "SpacingBetweenSlices": 2,
    "SAR": 0.406508,
    "EchoTime": 0.092,
    "RepetitionTime": 9.3,
    "FlipAngle": 90,
    "PartialFourier": 0.75,
    "BaseResolution": 96,
    "ShimSetting": [
        9188,
        -11308,
        809,
        263,
        -248,
        54,
        111,
        -49
    ],
    "TxRefAmp": 302.674,
    "PhaseResolution": 1,
    "ReceiveCoilName": "HeadMatrix",
    "CoilString": "C:HEA;HEP",
    "PulseSequenceDetails": "%SiemensSeq%_ep2d_diff",
    "PercentPhaseFOV": 100,
    "PhaseEncodingSteps": 72,
    "AcquisitionMatrixPE": 96,
    "ReconMatrixPE": 96,
    "BandwidthPerPixelPhaseEncode": 15.097,
    "EffectiveEchoSpacing": 0.000689983,
    "DerivedVendorReportedEchoSpacing": 0.000689983,
    "TotalReadoutTime": 0.0655483,
    "PixelBandwidth": 1628,
    "DwellTime": 3.2e-06,
    "PhaseEncodingDirection": "j-",
    "SliceTiming": [
        0,
        4.74,
        0.1425,
        4.885,
        0.2875,
        5.0275,
        0.43,
        5.17,
        0.575,
        5.315,
        0.7175,
        5.4575,
        0.8625,
        5.6025,
        1.005,
        5.745,
        1.15,
        5.89,
        1.2925,
        6.0325,
        1.4375,
        6.1775,
        1.58,
        6.32,
        1.7225,
        6.465,
        1.8675,
        6.6075,
        2.01,
        6.7525,
        2.155,
        6.895,
        2.2975,
        7.0375,
        2.4425,
        7.1825,
        2.585,
        7.325,
        2.73,
        7.47,
        2.8725,
        7.6125,
        3.0175,
        7.7575,
        3.16,
        7.9,
        3.305,
        8.045,
        3.4475,
        8.1875,
        3.59,
        8.3325,
        3.735,
        8.475,
        3.8775,
        8.6175,
        4.0225,
        8.7625,
        4.165,
        8.905,
        4.31,
        9.05,
        4.4525,
        9.1925,
        4.5975
    ],
    "ImageOrientationPatientDICOM": [
        0.991695,
        0.119085,
        0.0485876,
        -0.111423,
        0.984158,
        -0.137907
    ],
    "InPlanePhaseEncodingDirectionDICOM": "COL",
    "ConversionSoftware": "dcm2niix",
    "ConversionSoftwareVersion": "v1.0.20181125  GCC5.4.0"
}