{
    "Modality": "MR",
    "MagneticFieldStrength": 3,
    "ImagingFrequency": 123.247,
    "Manufacturer": "Siemens",
    "ManufacturersModelName": "TrioTim",
    "InstitutionName": "Hospital_Douglas",
    "InstitutionalDepartmentName": "Department",
    "InstitutionAddress": "Boul._LaSalle_6875_Verdun_Montreal_CA_H4H_1R3",
    "DeviceSerialNumber": "35442",
    "StationName": "MRC35442",
    "PatientPosition": "HFS",
    "ProcedureStepDescription": "FUNCTIONAL_Dr.Breitner",
    "SoftwareVersions": "syngo_MR_B17",
    "MRAcquisitionType": "2D",
    "SeriesDescription": "single_echo_pCASL",
    "ProtocolName": "single_echo_pCASL",
    "ScanningSequence": "EP",
    "SequenceVariant": "SK",
    "ScanOptions": "PFP_FS",
    "SequenceName": "epfid2d1_64",
    "ImageType": [
        "ORIGINAL",
        "PRIMARY",
        "M",
        "ND",
        "MOSAIC"
    ],
    "SeriesNumber": 4,
    "AcquisitionTime": "09:16:59.955000",
    "AcquisitionNumber": 1,
    "SliceThickness": 7,
    "SpacingBetweenSlices": 7.98,
    "SAR": 0.528512,
    "EchoTime": 0.01,
    "RepetitionTime": 4,
    "FlipAngle": 90,
    "PartialFourier": 0.875,
    "BaseResolution": 64,
    "ShimSetting": [
        9199,
        -11310,
        770,
        156,
        -259,
        -3,
        172,
        13
    ],
    "TxRefAmp": 302.558,
    "PhaseResolution": 1,
    "ReceiveCoilName": "HeadMatrix",
    "CoilString": "T:HEA;HEP",
    "PulseSequenceDetails": "%CustomerSeq%_ep2d_pcasl_UI_PHC",
    "PercentPhaseFOV": 100,
    "PhaseEncodingSteps": 56,
    "AcquisitionMatrixPE": 64,
    "ReconMatrixPE": 64,
    "BandwidthPerPixelPhaseEncode": 74.405,
    "ParallelReductionFactorInPlane": 2,
    "EffectiveEchoSpacing": 0.000209999,
    "DerivedVendorReportedEchoSpacing": 0.000419999,
    "TotalReadoutTime": 0.01323,
    "PixelBandwidth": 3005,
    "DwellTime": 2.6e-06,
    "PhaseEncodingDirection": "j-",
    "SliceTiming": [
        0,
        0.0325,
        0.0625,
        0.095,
        0.125,
        0.1575,
        0.19,
        0.22,
        0.2525,
        0.285,
        0.315,
        0.3475,
        0.38,
        0.41,
        0.4425,
        0.475
    ],
    "ImageOrientationPatientDICOM": [
        0.999143,
        -0.000185057,
        0.0413855,
        1.14936e-08,
        0.99999,
        0.00447123
    ],
    "InPlanePhaseEncodingDirectionDICOM": "COL",
    "ConversionSoftware": "dcm2niix",
    "ConversionSoftwareVersion": "v1.0.20181125  GCC5.4.0"
}