{
    "Modality": "MR",
    "MagneticFieldStrength": 3,
    "ImagingFrequency": 123.247,
    "Manufacturer": "Siemens",
    "ManufacturersModelName": "TrioTim",
    "InstitutionName": "Hospital_Douglas",
    "InstitutionalDepartmentName": "Department",
    "InstitutionAddress": "Boul._LaSalle_6875_Verdun_Montreal_CA_H4H_1R3",
    "DeviceSerialNumber": "35442",
    "StationName": "MRC35442",
    "PatientPosition": "HFS",
    "ProcedureStepDescription": "FUNCTIONAL_Dr.Breitner",
    "SoftwareVersions": "syngo_MR_B17",
    "MRAcquisitionType": "2D",
    "SeriesDescription": "AXIAL_T2_STAR",
    "ProtocolName": "AXIAL_T2_STAR",
    "ScanningSequence": "GR",
    "SequenceVariant": "SP",
    "SequenceName": "_fl2d1r",
    "ImageType": [
        "ORIGINAL",
        "PRIMARY",
        "M",
        "NORM",
        "DIS2D"
    ],
    "SeriesNumber": 13,
    "AcquisitionTime": "09:51:56.157500",
    "AcquisitionNumber": 1,
    "SliceThickness": 2,
    "SpacingBetweenSlices": 2,
    "SAR": 0.0201977,
    "EchoTime": 0.02,
    "RepetitionTime": 0.65,
    "FlipAngle": 20,
    "PartialFourier": 1,
    "Interpolation2D": 1,
    "BaseResolution": 256,
    "ShimSetting": [
        9196,
        -11348,
        336,
        -30,
        -54,
        -192,
        -40,
        20
    ],
    "TxRefAmp": 302.558,
    "PhaseResolution": 1,
    "ReceiveCoilName": "HeadMatrix",
    "CoilString": "C:HEA;HEP",
    "PulseSequenceDetails": "%SiemensSeq%_gre",
    "PercentPhaseFOV": 100,
    "PhaseEncodingSteps": 256,
    "AcquisitionMatrixPE": 256,
    "ReconMatrixPE": 512,
    "PixelBandwidth": 199,
    "DwellTime": 9.8e-06,
    "PhaseEncodingDirection": "i",
    "ImageOrientationPatientDICOM": [
        0.992775,
        0.0964194,
        0.0714153,
        -0.0826085,
        0.98092,
        -0.175986
    ],
    "InPlanePhaseEncodingDirectionDICOM": "ROW",
    "ConversionSoftware": "dcm2niix",
    "ConversionSoftwareVersion": "v1.0.20181125  GCC5.4.0"
}