{
    "Modality": "MR",
    "MagneticFieldStrength": 3,
    "ImagingFrequency": 123.247,
    "Manufacturer": "Siemens",
    "ManufacturersModelName": "TrioTim",
    "InstitutionName": "Hospital_Douglas",
    "InstitutionalDepartmentName": "Department",
    "InstitutionAddress": "Boul._LaSalle_6875_Verdun_Montreal_CA_H4H_1R3",
    "DeviceSerialNumber": "35442",
    "StationName": "MRC35442",
    "PatientPosition": "HFS",
    "ProcedureStepDescription": "FUNCTIONAL_Dr.Breitner",
    "SoftwareVersions": "syngo_MR_B17",
    "MRAcquisitionType": "2D",
    "SeriesDescription": "EN3(ep2d_64)",
    "ProtocolName": "EN3(ep2d_64)",
    "ScanningSequence": "EP",
    "SequenceVariant": "SK",
    "ScanOptions": "FS",
    "SequenceName": "_epfid2d1_64",
    "ImageType": [
        "ORIGINAL",
        "PRIMARY",
        "M",
        "ND",
        "MOSAIC"
    ],
    "SeriesNumber": 11,
    "AcquisitionTime": "09:37:6.777500",
    "AcquisitionNumber": 1,
    "SliceThickness": 4,
    "SpacingBetweenSlices": 4,
    "SAR": 0.195994,
    "EchoTime": 0.03,
    "RepetitionTime": 2,
    "FlipAngle": 90,
    "PartialFourier": 1,
    "BaseResolution": 64,
    "ShimSetting": [
        9203,
        -11298,
        776,
        117,
        -238,
        37,
        217,
        28
    ],
    "DelayTime": 0.05,
    "TxRefAmp": 302.558,
    "PhaseResolution": 1,
    "ReceiveCoilName": "HeadMatrix",
    "CoilString": "t:HEA;HEP",
    "PulseSequenceDetails": "%SiemensSeq%_ep2d_pace",
    "PercentPhaseFOV": 100,
    "PhaseEncodingSteps": 64,
    "AcquisitionMatrixPE": 64,
    "ReconMatrixPE": 64,
    "BandwidthPerPixelPhaseEncode": 33.245,
    "EffectiveEchoSpacing": 0.000469995,
    "DerivedVendorReportedEchoSpacing": 0.000469996,
    "TotalReadoutTime": 0.0296097,
    "PixelBandwidth": 2441,
    "DwellTime": 3.2e-06,
    "PhaseEncodingDirection": "j-",
    "SliceTiming": [
        1.8775,
        1.8175,
        1.7575,
        1.6975,
        1.635,
        1.575,
        1.515,
        1.455,
        1.395,
        1.3325,
        1.2725,
        1.2125,
        1.1525,
        1.09,
        1.03,
        0.97,
        0.91,
        0.85,
        0.7875,
        0.7275,
        0.6675,
        0.6075,
        0.545,
        0.485,
        0.425,
        0.365,
        0.305,
        0.2425,
        0.1825,
        0.1225,
        0.0625,
        0
    ],
    "ImageOrientationPatientDICOM": [
        0.992797,
        0.096177,
        0.0714391,
        -0.0826697,
        0.981527,
        -0.17254
    ],
    "InPlanePhaseEncodingDirectionDICOM": "COL",
    "ConversionSoftware": "dcm2niix",
    "ConversionSoftwareVersion": "v1.0.20181125  GCC5.4.0"
}