{
	"Modality": "MR",
	"MagneticFieldStrength": 3,
	"ImagingFrequency": 123.259,
	"Manufacturer": "Siemens",
	"ManufacturersModelName": "Prisma_fit",
	"InstitutionName": "Hospital Douglas",
	"InstitutionalDepartmentName": "Department",
	"InstitutionAddress": "Boul. LaSalle 6875,Verdun,Montreal,CA,H4H 1R3",
	"DeviceSerialNumber": "167068",
	"StationName": "MRC35442",
	"BodyPartExamined": "HEAD",
	"PatientPosition": "HFS",
	"ProcedureStepDescription": "FUNCTIONAL^Dr. Spreng",
	"SoftwareVersions": "syngo MR E11",
	"MRAcquisitionType": "2D",
	"SeriesDescription": "ep2d_diff_acc6-PA",
	"ProtocolName": "ep2d_diff_acc6-PA",
	"ScanningSequence": "EP",
	"SequenceVariant": "SK\\SP",
	"ScanOptions": "PFP\\FS",
	"SequenceName": "*ep_b0",
	"ImageType": ["ORIGINAL", "PRIMARY", "DIFFUSION", "NONE", "ND", "MOSAIC"],
	"SeriesNumber": 14,
	"AcquisitionTime": "15:20:19.792500",
	"AcquisitionNumber": 1,
	"SliceThickness": 2,
	"SpacingBetweenSlices": 2,
	"SAR": 0.355918,
	"EchoTime": 0.066,
	"RepetitionTime": 3,
	"FlipAngle": 90,
	"PartialFourier": 0.875,
	"BaseResolution": 110,
	"ShimSetting": [
		3938,
		-5131,
		1015,
		417,
		-52,
		-40,
		88,
		-2	],
	"DiffusionScheme": "Monopolar",
	"TxRefAmp": 247.419,
	"PhaseResolution": 1,
	"ReceiveCoilName": "Head_32",
	"ReceiveCoilActiveElements": "HEA;HEP",
	"PulseSequenceDetails": "%SiemensSeq%\\ep2d_diff",
	"RefLinesPE": 40,
	"ConsistencyInfo": "N4_VE11C_LATEST_20160120",
	"MultibandAccelerationFactor": 3,
	"PercentPhaseFOV": 100,
	"PercentSampling": 100,
	"EchoTrainLength": 48,
	"PhaseEncodingSteps": 96,
	"AcquisitionMatrixPE": 110,
	"ReconMatrixPE": 110,
	"BandwidthPerPixelPhaseEncode": 33.67,
	"ParallelReductionFactorInPlane": 2,
	"EffectiveEchoSpacing": 0.00027,
	"DerivedVendorReportedEchoSpacing": 0.000540001,
	"TotalReadoutTime": 0.02943,
	"PixelBandwidth": 2275,
	"DwellTime": 2e-06,
	"PhaseEncodingDirection": "j",
	"SliceTiming": [
		0,
		1.545,
		0.11,
		1.655,
		0.2225,
		1.7675,
		0.3325,
		1.8775,
		0.4425,
		1.9875,
		0.5525,
		2.0975,
		0.6625,
		2.2075,
		0.7725,
		2.3175,
		0.8825,
		2.4275,
		0.995,
		2.54,
		1.105,
		2.65,
		1.215,
		2.76,
		1.325,
		2.87,
		1.435,
		0,
		1.545,
		0.11,
		1.655,
		0.2225,
		1.7675,
		0.3325,
		1.8775,
		0.4425,
		1.9875,
		0.5525,
		2.0975,
		0.6625,
		2.2075,
		0.7725,
		2.3175,
		0.8825,
		2.4275,
		0.995,
		2.54,
		1.105,
		2.65,
		1.215,
		2.76,
		1.325,
		2.87,
		1.435,
		0,
		1.545,
		0.11,
		1.655,
		0.2225,
		1.7675,
		0.3325,
		1.8775,
		0.4425,
		1.9875,
		0.5525,
		2.0975,
		0.6625,
		2.2075,
		0.7725,
		2.3175,
		0.8825,
		2.4275,
		0.995,
		2.54,
		1.105,
		2.65,
		1.215,
		2.76,
		1.325,
		2.87,
		1.435	],
	"ImageOrientationPatientDICOM": [
		0.999887,
		-0.0025826,
		0.0148037,
		0.00593347,
		0.972928,
		-0.23103	],
	"InPlanePhaseEncodingDirectionDICOM": "COL",
	"ConversionSoftware": "dcm2niix",
	"ConversionSoftwareVersion": "v1.0.20201102"
}
