{
  "Modality": "MR",
  "MagneticFieldStrength": 3,
  "ImagingFrequency": 123.259,
  "Manufacturer": "Siemens",
  "ManufacturersModelName": "Prisma_fit",
  "InstitutionName": "Hospital Douglas",
  "InstitutionalDepartmentName": "Department",
  "InstitutionAddress": "Boul. LaSalle 6875,Verdun,Montreal,CA,H4H 1R3",
  "DeviceSerialNumber": "167068",
  "StationName": "MRC35442",
  "BodyPartExamined": "HEAD",
  "PatientPosition": "HFS",
  "ProcedureStepDescription": "FUNCTIONAL^Dr. Spreng",
  "SoftwareVersions": "syngo MR E11",
  "MRAcquisitionType": "2D",
  "SeriesDescription": "rsfmri-3mm-bold-AP-test-Multi_Echo-sess2",
  "ProtocolName": "rsfmri-3mm-bold-AP-test-Multi_Echo-sess2",
  "ScanningSequence": "EP",
  "SequenceVariant": "SK\\SS",
  "ScanOptions": "PFP\\FS",
  "SequenceName": "epfid2d3_80",
  "ImageType": [
    "ORIGINAL",
    "PRIMARY",
    "M",
    "MB",
    "TE1",
    "ND",
    "MOSAIC"
  ],
  "SeriesNumber": 6,
  "AcquisitionTime": "14:41:58.825000",
  "AcquisitionNumber": 1,
  "ImageComments": "Unaliased MB4/PE4/LB",
  "SliceThickness": 3,
  "SpacingBetweenSlices": 3,
  "SAR": 0.0749883,
  "EchoTime": 0.012,
  "RepetitionTime": 1,
  "FlipAngle": 48,
  "PartialFourier": 0.875,
  "BaseResolution": 80,
  "ShimSetting": [
    3938,
    -5127,
    1015,
    413,
    -54,
    -33,
    83,
    -3
  ],
  "TxRefAmp": 247.419,
  "PhaseResolution": 1,
  "ReceiveCoilName": "Head_32",
  "ReceiveCoilActiveElements": "HEA;HEP",
  "PulseSequenceDetails": "%CustomerSeq%\\cmrr_mbep2d_bold",
  "WipMemBlock": "6978f86e-c025-4fd0-be84-8f9851e54018||Sequence: R016 ve11c/master r/e634e98; Dec 19 2017 11:00:25 by eja",
  "RefLinesPE": 24,
  "ConsistencyInfo": "N4_VE11C_LATEST_20160120",
  "MultibandAccelerationFactor": 4,
  "PercentPhaseFOV": 100,
  "PercentSampling": 100,
  "EchoTrainLength": 34,
  "PhaseEncodingSteps": 69,
  "AcquisitionMatrixPE": 80,
  "ReconMatrixPE": 80,
  "BandwidthPerPixelPhaseEncode": 50,
  "ParallelReductionFactorInPlane": 2,
  "EffectiveEchoSpacing": 0.00025,
  "DerivedVendorReportedEchoSpacing": 0.0005,
  "TotalReadoutTime": 0.01975,
  "PixelBandwidth": 2500,
  "DwellTime": 2.5e-06,
  "PhaseEncodingDirection": "j-",
  "SliceTiming": [
    0.8975,
    0.8175,
    0.735,
    0.6525,
    0.5725,
    0.49,
    0.4075,
    0.3275,
    0.245,
    0.1625,
    0.0825,
    0,
    0.8975,
    0.8175,
    0.735,
    0.6525,
    0.5725,
    0.49,
    0.4075,
    0.3275,
    0.245,
    0.1625,
    0.0825,
    0,
    0.8975,
    0.8175,
    0.735,
    0.6525,
    0.5725,
    0.49,
    0.4075,
    0.3275,
    0.245,
    0.1625,
    0.0825,
    0,
    0.8975,
    0.8175,
    0.735,
    0.6525,
    0.5725,
    0.49,
    0.4075,
    0.3275,
    0.245,
    0.1625,
    0.0825,
    0
  ],
  "ImageOrientationPatientDICOM": [
    0.999618,
    -0.00984946,
    0.0258183,
    0.0144817,
    0.982463,
    -0.185894
  ],
  "InPlanePhaseEncodingDirectionDICOM": "COL",
  "ConversionSoftware": "dcm2niix",
  "ConversionSoftwareVersion": "v1.0.20201102",
  "TaskName": "rest"
}
