{
  "Modality": "MR",
  "MagneticFieldStrength": 3,
  "ImagingFrequency": 123.259,
  "Manufacturer": "Siemens",
  "ManufacturersModelName": "Prisma_fit",
  "InstitutionName": "Hospital Douglas",
  "InstitutionalDepartmentName": "Department",
  "InstitutionAddress": "Boul. LaSalle 6875,Verdun,Montreal,CA,H4H 1R3",
  "DeviceSerialNumber": "167068",
  "StationName": "MRC35442",
  "BodyPartExamined": "HEAD",
  "PatientPosition": "HFS",
  "ProcedureStepDescription": "FUNCTIONAL^Dr. Spreng",
  "SoftwareVersions": "syngo MR E11",
  "MRAcquisitionType": "2D",
  "SeriesDescription": "ep2d_diff_acc6-AP_b0",
  "ProtocolName": "ep2d_diff_acc6-AP_b0",
  "ScanningSequence": "EP",
  "SequenceVariant": "SK\\SP",
  "ScanOptions": "PFP\\FS",
  "SequenceName": "*ep_b0",
  "ImageType": [
    "ORIGINAL",
    "PRIMARY",
    "DIFFUSION",
    "NONE",
    "ND"
  ],
  "SeriesNumber": 15,
  "AcquisitionTime": "15:26:12.725000",
  "AcquisitionNumber": 1,
  "SliceThickness": 2,
  "SpacingBetweenSlices": 2,
  "SAR": 0.256571,
  "EchoTime": 0.066,
  "RepetitionTime": 3,
  "FlipAngle": 90,
  "PartialFourier": 0.875,
  "BaseResolution": 110,
  "ShimSetting": [
    3938,
    -5131,
    1015,
    417,
    -52,
    -40,
    88,
    -2
  ],
  "DiffusionScheme": "Monopolar",
  "TxRefAmp": 247.419,
  "PhaseResolution": 1,
  "ReceiveCoilName": "Head_32",
  "ReceiveCoilActiveElements": "HEA;HEP",
  "PulseSequenceDetails": "%SiemensSeq%\\ep2d_diff",
  "RefLinesPE": 40,
  "ConsistencyInfo": "N4_VE11C_LATEST_20160120",
  "MultibandAccelerationFactor": 3,
  "PercentPhaseFOV": 100,
  "PercentSampling": 100,
  "EchoTrainLength": 48,
  "PhaseEncodingSteps": 96,
  "AcquisitionMatrixPE": 110,
  "ReconMatrixPE": 110,
  "BandwidthPerPixelPhaseEncode": 33.67,
  "ParallelReductionFactorInPlane": 2,
  "EffectiveEchoSpacing": 0.00027,
  "DerivedVendorReportedEchoSpacing": 0.000540001,
  "TotalReadoutTime": 0.02943,
  "PixelBandwidth": 2275,
  "DwellTime": 2e-06,
  "PhaseEncodingDirection": "j-",
  "SliceTiming": [
    0,
    1.54688,
    0.10938,
    1.65625,
    0.21875,
    1.76562,
    0.34375,
    1.875,
    0.45312,
    1.98438,
    0.5625,
    2.10938,
    0.67188,
    2.21875,
    0.78125,
    2.32812,
    0.89062,
    2.4375,
    1,
    2.54688,
    1.10938,
    2.65625,
    1.21875,
    2.76562,
    1.32812,
    2.875,
    1.4375,
    0,
    1.54688,
    0.10938,
    1.65625,
    0.21875,
    1.76562,
    0.34375,
    1.875,
    0.45312,
    1.98438,
    0.5625,
    2.10938,
    0.67188,
    2.21875,
    0.78125,
    2.32812,
    0.89062,
    2.4375,
    1,
    2.54688,
    1.10938,
    2.65625,
    1.21875,
    2.76562,
    1.32812,
    2.875,
    1.4375,
    0,
    1.54688,
    0.10938,
    1.65625,
    0.21875,
    1.76562,
    0.34375,
    1.875,
    0.45312,
    1.98438,
    0.5625,
    2.10938,
    0.67188,
    2.21875,
    0.78125,
    2.32812,
    0.89062,
    2.4375,
    1,
    2.54688,
    1.10938,
    2.65625,
    1.21875,
    2.76562,
    1.32812,
    2.875,
    1.4375
  ],
  "ImageOrientationPatientDICOM": [
    0.999887,
    -0.0025826,
    0.0148037,
    0.00593347,
    0.972928,
    -0.23103
  ],
  "InPlanePhaseEncodingDirectionDICOM": "COL",
  "ConversionSoftware": "dcm2niix",
  "ConversionSoftwareVersion": "v1.0.20201102",
  "IntendedFor": "ses-FU84/dwi/sub-MTL0002_ses-FU84_dir-PA_dwi.nii.gz"
}
