{
	"Modality": "MR",
	"MagneticFieldStrength": 3,
	"ImagingFrequency": 123.259,
	"Manufacturer": "Siemens",
	"ManufacturersModelName": "Prisma_fit",
	"InstitutionName": "Hospital_Douglas",
	"InstitutionalDepartmentName": "Department",
	"InstitutionAddress": "Boul._LaSalle_6875_Verdun_Montreal_CA_H4H_1R3",
	"DeviceSerialNumber": "167068",
	"StationName": "MRC35442",
	"BodyPartExamined": "HEAD",
	"PatientPosition": "HFS",
	"ProcedureStepDescription": "FUNCTIONAL_Dr._Spreng",
	"SoftwareVersions": "syngo_MR_E11",
	"MRAcquisitionType": "2D",
	"SeriesDescription": "rsfmri-3mm-se-AP",
	"ProtocolName": "rsfmri-3mm-se-AP",
	"ScanningSequence": "EP",
	"SequenceVariant": "SK_SS",
	"ScanOptions": "FS",
	"SequenceName": "epfid2d1_80",
	"ImageType": ["ORIGINAL", "PRIMARY", "M", "ND", "NORM", "MOSAIC"],
	"SeriesNumber": 7,
	"AcquisitionTime": "14:52:12.472500",
	"AcquisitionNumber": 1,
	"SliceThickness": 3,
	"SpacingBetweenSlices": 3,
	"SAR": 0.0679127,
	"EchoTime": 0.048,
	"RepetitionTime": 4.041,
	"FlipAngle": 90,
	"PartialFourier": 1,
	"BaseResolution": 80,
	"ShimSetting": [
		3938,
		-5127,
		1015,
		413,
		-54,
		-33,
		83,
		-3	],
	"TxRefAmp": 247.419,
	"PhaseResolution": 1,
	"ReceiveCoilName": "Head_32",
	"ReceiveCoilActiveElements": "HEA;HEP",
	"PulseSequenceDetails": "%CustomerSeq%_cmrr_mbep2d_bold",
	"WipMemBlock": "74855d2c-fda2-4de2-8533-81d83314a5cb||Sequence: R016 ve11c/master r/e634e98; Dec 19 2017 11:00:25 by eja",
	"ConsistencyInfo": "N4_VE11C_LATEST_20160120",
	"PercentPhaseFOV": 100,
	"PercentSampling": 100,
	"EchoTrainLength": 80,
	"PhaseEncodingSteps": 80,
	"AcquisitionMatrixPE": 80,
	"ReconMatrixPE": 80,
	"BandwidthPerPixelPhaseEncode": 23.148,
	"EffectiveEchoSpacing": 0.000540003,
	"DerivedVendorReportedEchoSpacing": 0.000540003,
	"TotalReadoutTime": 0.0426603,
	"PixelBandwidth": 2085,
	"DwellTime": 3e-06,
	"PhaseEncodingDirection": "j-",
	"SliceTiming": [
		3.9375,
		3.8525,
		3.77,
		3.685,
		3.6025,
		3.5175,
		3.435,
		3.35,
		3.2675,
		3.1825,
		3.1,
		3.015,
		2.9325,
		2.8475,
		2.765,
		2.68,
		2.5975,
		2.5125,
		2.4275,
		2.345,
		2.26,
		2.1775,
		2.0925,
		2.01,
		1.925,
		1.8425,
		1.7575,
		1.675,
		1.59,
		1.5075,
		1.4225,
		1.34,
		1.255,
		1.1725,
		1.0875,
		1.005,
		0.92,
		0.8375,
		0.7525,
		0.67,
		0.585,
		0.5025,
		0.4175,
		0.335,
		0.25,
		0.1675,
		0.0825,
		0	],
	"ImageOrientationPatientDICOM": [
		0.999618,
		-0.00984946,
		0.0258183,
		0.0144817,
		0.982463,
		-0.185894	],
	"InPlanePhaseEncodingDirectionDICOM": "COL",
	"ConversionSoftware": "dcm2niix",
	"ConversionSoftwareVersion": "v1.0.20200331",
	"IntendedFor": [
		"ses-FU84/func/sub-MTL0002_ses-FU84_task-rest_run-01_echo-01_bold.nii.gz",
		"ses-FU84/func/sub-MTL0002_ses-FU84_task-rest_run-01_echo-02_bold.nii.gz",
		"ses-FU84/func/sub-MTL0002_ses-FU84_task-rest_run-01_echo-03_bold.nii.gz"	]
}
