{
	"Modality": "MR",
	"MagneticFieldStrength": 3,
	"ImagingFrequency": 123.259,
	"Manufacturer": "Siemens",
	"ManufacturersModelName": "Prisma_fit",
	"InstitutionName": "Hospital Douglas",
	"InstitutionalDepartmentName": "Department",
	"InstitutionAddress": "Boul. LaSalle 6875,Verdun,Montreal,CA,H4H 1R3",
	"DeviceSerialNumber": "167068",
	"StationName": "MRC35442",
	"BodyPartExamined": "HEAD",
	"PatientPosition": "HFS",
	"ProcedureStepDescription": "FUNCTIONAL^Dr. Spreng",
	"SoftwareVersions": "syngo MR E11",
	"MRAcquisitionType": "3D",
	"SeriesDescription": "ADNI3_t1_mprage_sag_p2_iso",
	"ProtocolName": "ADNI3_t1_mprage_sag_p2_iso",
	"ScanningSequence": "GR\\IR",
	"SequenceVariant": "SK\\SP\\MP",
	"ScanOptions": "IR",
	"SequenceName": "*tfl3d1_16ns",
	"ImageType": ["ORIGINAL", "PRIMARY", "M", "NORM", "DIS3D", "DIS2D"],
	"SeriesNumber": 5,
	"AcquisitionTime": "14:35:42.790000",
	"AcquisitionNumber": 1,
	"SliceThickness": 1,
	"SAR": 0.0528938,
	"EchoTime": 0.00296,
	"RepetitionTime": 2.3,
	"InversionTime": 0.9,
	"FlipAngle": 9,
	"PartialFourier": 1,
	"BaseResolution": 256,
	"ShimSetting": [
		3941,
		-5152,
		989,
		337,
		-35,
		-123,
		118,
		-3	],
	"TxRefAmp": 247.419,
	"PhaseResolution": 1,
	"ReceiveCoilName": "Head_32",
	"ReceiveCoilActiveElements": "HEA;HEP",
	"PulseSequenceDetails": "%SiemensSeq%\\tfl",
	"RefLinesPE": 32,
	"ConsistencyInfo": "N4_VE11C_LATEST_20160120",
	"PercentPhaseFOV": 100,
	"PercentSampling": 100,
	"PhaseEncodingSteps": 255,
	"AcquisitionMatrixPE": 256,
	"ReconMatrixPE": 256,
	"ParallelReductionFactorInPlane": 2,
	"PixelBandwidth": 240,
	"DwellTime": 8.1e-06,
	"ImageOrientationPatientDICOM": [
		0.0110108,
		0.999588,
		-0.0265178,
		0.0244015,
		-0.0267801,
		-0.999343	],
	"InPlanePhaseEncodingDirectionDICOM": "ROW",
	"ConversionSoftware": "dcm2niix",
	"ConversionSoftwareVersion": "v1.0.20201102"
}
