{
	"Modality": "MR",
	"MagneticFieldStrength": 3,
	"ImagingFrequency": 123.259,
	"Manufacturer": "Siemens",
	"ManufacturersModelName": "Prisma_fit",
	"InstitutionName": "Hospital Douglas",
	"InstitutionalDepartmentName": "Department",
	"InstitutionAddress": "Boul. LaSalle 6875,Verdun,Montreal,CA,H4H 1R3",
	"DeviceSerialNumber": "167068",
	"StationName": "MRC35442",
	"BodyPartExamined": "HEAD",
	"PatientPosition": "HFS",
	"ProcedureStepDescription": "FUNCTIONAL^Dr. Spreng",
	"SoftwareVersions": "syngo MR E11",
	"MRAcquisitionType": "3D",
	"SeriesDescription": "Axial Flair 3D 350 3mm_ORIG",
	"ProtocolName": "Axial Flair 3D 350 3mm",
	"ScanningSequence": "SE\\IR",
	"SequenceVariant": "SK\\SP\\MP",
	"ScanOptions": "IR\\PFP",
	"SequenceName": "*spcir_288",
	"ImageType": ["ORIGINAL", "PRIMARY", "M", "ND", "NORM"],
	"SeriesNumber": 21,
	"AcquisitionTime": "15:47:9.900000",
	"AcquisitionNumber": 1,
	"SliceThickness": 3,
	"SAR": 0.105873,
	"NumberOfAverages": 2,
	"EchoTime": 0.356,
	"RepetitionTime": 6,
	"InversionTime": 2.2,
	"FlipAngle": 120,
	"PartialFourier": 1,
	"BaseResolution": 256,
	"ShimSetting": [
		3940,
		-5139,
		1013,
		412,
		-43,
		-68,
		91,
		-1	],
	"TxRefAmp": 247.419,
	"PhaseResolution": 1,
	"ReceiveCoilName": "Head_32",
	"ReceiveCoilActiveElements": "HEA;HEP",
	"PulseSequenceDetails": "%SiemensSeq%\\tse_vfl",
	"RefLinesPE": 24,
	"ConsistencyInfo": "N4_VE11C_LATEST_20160120",
	"PercentPhaseFOV": 90.625,
	"PercentSampling": 100,
	"EchoTrainLength": 247,
	"PhaseEncodingSteps": 195,
	"AcquisitionMatrixPE": 232,
	"ReconMatrixPE": 232,
	"ParallelReductionFactorInPlane": 2,
	"PixelBandwidth": 780,
	"DwellTime": 2.5e-06,
	"PhaseEncodingDirection": "j-",
	"ImageOrientationPatientDICOM": [
		0.999952,
		-0.000781044,
		0.00972839,
		0.00349047,
		0.959484,
		-0.281743	],
	"InPlanePhaseEncodingDirectionDICOM": "COL",
	"ConversionSoftware": "dcm2niix",
	"ConversionSoftwareVersion": "v1.0.20201102"
}
