{
	"Modality": "MR",
	"MagneticFieldStrength": 3,
	"ImagingFrequency": 123.259,
	"Manufacturer": "Siemens",
	"ManufacturersModelName": "Prisma_fit",
	"InstitutionName": "Hospital Douglas",
	"InstitutionalDepartmentName": "Department",
	"InstitutionAddress": "Boul. LaSalle 6875,Verdun,Montreal,CA,H4H 1R3",
	"DeviceSerialNumber": "167068",
	"StationName": "MRC35442",
	"BodyPartExamined": "HEAD",
	"PatientPosition": "HFS",
	"ProcedureStepDescription": "FUNCTIONAL^Dr. Spreng",
	"SoftwareVersions": "syngo MR E11",
	"MRAcquisitionType": "3D",
	"SeriesDescription": "MP2RAGE_1mm_INV2",
	"ProtocolName": "MP2RAGE_1mm",
	"ScanningSequence": "GR\\IR",
	"SequenceVariant": "SK\\SP\\MP",
	"ScanOptions": "IR\\PFP",
	"SequenceName": "*tfl3d1_16ns",
	"ImageType": ["ORIGINAL", "PRIMARY", "M", "ND", "NORM", "FM", "FIL"],
	"SeriesNumber": 24,
	"AcquisitionTime": "15:51:13.927500",
	"AcquisitionNumber": 1,
	"SliceThickness": 1,
	"SAR": 0.0197428,
	"EchoTime": 0.00276,
	"RepetitionTime": 5,
	"InversionTime": 2.83,
	"FlipAngle": 5,
	"PartialFourier": 0.75,
	"BaseResolution": 256,
	"ShimSetting": [
		3941,
		-5153,
		991,
		345,
		-37,
		-124,
		116,
		-3	],
	"TxRefAmp": 247.419,
	"PhaseResolution": 1,
	"ReceiveCoilName": "Head_32",
	"ReceiveCoilActiveElements": "HEA;HEP",
	"PulseSequenceDetails": "%SiemensSeq%\\tfl",
	"RefLinesPE": 32,
	"ConsistencyInfo": "N4_VE11C_LATEST_20160120",
	"PercentPhaseFOV": 100,
	"PercentSampling": 100,
	"PhaseEncodingSteps": 191,
	"AcquisitionMatrixPE": 256,
	"ReconMatrixPE": 256,
	"ParallelReductionFactorInPlane": 3,
	"PixelBandwidth": 270,
	"DwellTime": 7.3e-06,
	"ImageOrientationPatientDICOM": [
		0.0110108,
		0.999588,
		-0.0265178,
		0.0244015,
		-0.0267801,
		-0.999343	],
	"InPlanePhaseEncodingDirectionDICOM": "ROW",
	"ConversionSoftware": "dcm2niix",
	"ConversionSoftwareVersion": "v1.0.20201102"
}
